GIT
  remote: https://github.com/rranshous/hipchat-rb.git
  revision: 11d7ee6f38164f33c33b7f40b4941c8f59a00824
  specs:
    hipchat (1.5.3.rr)
      httparty
      mimemagic

GEM
  remote: https://rubygems.org/
  specs:
    coderay (1.1.1)
    docker-api (1.28.0)
      excon (>= 0.38.0)
      json
    excon (0.49.0)
    httparty (0.13.7)
      json (~> 1.8)
      multi_xml (>= 0.5.2)
    json (1.8.3)
    localmemcache (0.4.4)
    method_source (0.8.2)
    mimemagic (0.3.1)
    multi_xml (0.5.5)
    pry (0.10.3)
      coderay (~> 1.1.0)
      method_source (~> 0.8.1)
      slop (~> 3.4)
    rack (1.6.4)
    rack-protection (1.5.3)
      rack
    sinatra (1.4.7)
      rack (~> 1.5)
      rack-protection (~> 1.4)
      tilt (>= 1.3, < 3)
    slop (3.6.0)
    tilt (2.0.4)

PLATFORMS
  ruby

DEPENDENCIES
  docker-api
  hipchat!
  localmemcache
  pry
  sinatra

BUNDLED WITH
   1.12.5
